GIT
  remote: https://github.com/adaoraul/rack-jekyll.git
  revision: a997bd0c384fa377cda3b9ebeb462f91cd8dfd03
  specs:
    rack-jekyll (0.5.0)
      jekyll (>= 1.3)
      listen (>= 1.3)
      rack (>= 1.5)

GIT
  remote: https://github.com/numist/jekyll-seo-tag.git
  revision: 73f526a4d321717e8eca0eea434dbdf2706f9262
  branch: issue/461
  specs:
    jekyll-seo-tag (2.8.0)
      jekyll (>= 3.8, < 5.0)

GEM
  remote: https://rubygems.org/
  specs:
    addressable (2.8.7)
      public_suffix (>= 2.0.2, < 7.0)
    bigdecimal (3.1.8)
    colorator (1.1.0)
    concurrent-ruby (1.3.4)
    em-websocket (0.5.3)
      eventmachine (>= 0.12.9)
      http_parser.rb (~> 0)
    eventmachine (1.2.7)
    ffi (1.17.0-arm64-darwin)
    ffi (1.17.0-x86_64-linux-gnu)
    forwardable-extended (2.6.0)
    google-protobuf (4.28.2-arm64-darwin)
      bigdecimal
      rake (>= 13)
    google-protobuf (4.28.2-x86_64-linux)
      bigdecimal
      rake (>= 13)
    http_parser.rb (0.8.0)
    i18n (1.14.6)
      concurrent-ruby (~> 1.0)
    jekyll (4.3.4)
      addressable (~> 2.4)
      colorator (~> 1.0)
      em-websocket (~> 0.5)
      i18n (~> 1.0)
      jekyll-sass-converter (>= 2.0, < 4.0)
      jekyll-watch (~> 2.0)
      kramdown (~> 2.3, >= 2.3.1)
      kramdown-parser-gfm (~> 1.0)
      liquid (~> 4.0)
      mercenary (>= 0.3.6, < 0.5)
      pathutil (~> 0.9)
      rouge (>= 3.0, < 5.0)
      safe_yaml (~> 1.0)
      terminal-table (>= 1.8, < 4.0)
      webrick (~> 1.7)
    jekyll-mermaid (1.0.0)
    jekyll-postfiles (3.1.0)
      jekyll (>= 3.8.6, < 5)
    jekyll-sass-converter (3.0.0)
      sass-embedded (~> 1.54)
    jekyll-watch (2.2.1)
      listen (~> 3.0)
    kramdown (2.4.0)
      rexml
    kramdown-parser-gfm (1.1.0)
      kramdown (~> 2.0)
    liquid (4.0.4)
    listen (3.9.0)
      rb-fsevent (~> 0.10, >= 0.10.3)
      rb-inotify (~> 0.9, >= 0.9.10)
    mercenary (0.4.0)
    nio4r (2.7.3)
    pathutil (0.16.2)
      forwardable-extended (~> 2.6)
    posix-spawn (0.3.15)
    public_suffix (6.0.1)
    puma (6.4.3)
      nio4r (~> 2.0)
    rack (3.0.10)
    rack-livereload (0.6.0)
      rack (~> 3.0.8)
    rake (13.2.1)
    rb-fsevent (0.11.2)
    rb-inotify (0.11.1)
      ffi (~> 1.0)
    rexml (3.3.7)
    rouge (4.4.0)
    ruby-graphviz (1.2.5)
      rexml
    safe_yaml (1.0.5)
    sass-embedded (1.78.0-arm64-darwin)
      google-protobuf (~> 4.27)
    sass-embedded (1.78.0-x86_64-linux-gnu)
      google-protobuf (~> 4.27)
    terminal-table (3.0.2)
      unicode-display_width (>= 1.1.1, < 3)
    unicode-display_width (2.6.0)
    webrick (1.8.1)

PLATFORMS
  arm64-darwin-21
  arm64-darwin-23
  x86_64-linux

DEPENDENCIES
  jekyll (~> 4.3.4)
  jekyll-mermaid (~> 1.0.0)
  jekyll-postfiles (~> 3.1)
  jekyll-seo-tag!
  posix-spawn (~> 0.3.9)
  puma (~> 6.4)
  rack-jekyll!
  rack-livereload (~> 0.6.0)
  ruby-graphviz
  webrick (~> 1.8)

BUNDLED WITH
   2.5.3
